PATH
  remote: .
  specs:
    crispy-mobile (0.1.0)
      wurfl-lite (~> 1.1.2)

GEM
  remote: http://rubygems.org/
  specs:
    amatch (0.2.10)
      tins (~> 0.3)
    diff-lcs (1.1.3)
    ffi (1.0.11)
    guard (1.0.0)
      ffi (>= 0.5.0)
      thor (~> 0.14.6)
    guard-rspec (0.6.0)
      guard (>= 0.10.0)
    hpricot (0.8.6)
    rspec (2.10.0)
      rspec-core (~> 2.10.0)
      rspec-expectations (~> 2.10.0)
      rspec-mocks (~> 2.10.0)
    rspec-core (2.10.0)
    rspec-expectations (2.10.0)
      diff-lcs (~> 1.1.3)
    rspec-mocks (2.10.1)
    thor (0.14.6)
    tins (0.3.9)
    wurfl-lite (1.1.2)
      amatch (>= 0.2.5)
      hpricot (!= 0.8.3, >= 0.8.2)

PLATFORMS
  ruby

DEPENDENCIES
  crispy-mobile!
  guard
  guard-rspec
  rspec
