PATH
  remote: .
  specs:
    crispy-mobile (0.0.1)

GEM
  remote: http://rubygems.org/
  specs:

PLATFORMS
  ruby

DEPENDENCIES
  crispy-mobile!
